PATH
  remote: ../../mbland/jekyll_pages_api_search
  specs:
    jekyll_pages_api_search (0.4.3)
      jekyll_pages_api (~> 0.1.4)
      sass (~> 3.4)

GEM
  remote: https://rubygems.org/
  specs:
    colorator (0.1)
    ffi (1.9.10)
    htmlentities (4.3.4)
    jekyll (3.1.2)
      colorator (~> 0.1)
      jekyll-sass-converter (~> 1.0)
      jekyll-watch (~> 1.1)
      kramdown (~> 1.3)
      liquid (~> 3.0)
      mercenary (~> 0.3.3)
      rouge (~> 1.7)
      safe_yaml (~> 1.0)
    jekyll-sass-converter (1.4.0)
      sass (~> 3.4)
    jekyll-sitemap (0.10.0)
    jekyll-watch (1.3.1)
      listen (~> 3.0)
    jekyll_pages_api (0.1.5)
      htmlentities (~> 4.3)
      jekyll (>= 2.0, < 4.0)
    kramdown (1.9.0)
    liquid (3.0.6)
    listen (3.0.6)
      rb-fsevent (>= 0.9.3)
      rb-inotify (>= 0.9.7)
    mercenary (0.3.5)
    minitest (5.8.4)
    rake (10.5.0)
    rb-fsevent (0.9.7)
    rb-inotify (0.9.7)
      ffi (>= 0.5.0)
    rouge (1.10.1)
    safe_yaml (1.0.4)
    sass (3.4.21)

PLATFORMS
  ruby

DEPENDENCIES
  jekyll
  jekyll-sitemap
  jekyll_pages_api_search!
  minitest
  rake

BUNDLED WITH
   1.11.2
